PATH
  remote: .
  specs:
    turboboost (0.0.11)
      coffee-rails
      jquery-rails
      railties
      turbolinks

GEM
  remote: https://rubygems.org/
  specs:
    actionpack (4.1.0)
      actionview (= 4.1.0)
      activesupport (= 4.1.0)
      rack (~> 1.5.2)
      rack-test (~> 0.6.2)
    actionview (4.1.0)
      activesupport (= 4.1.0)
      builder (~> 3.1)
      erubis (~> 2.7.0)
    activesupport (4.1.0)
      i18n (~> 0.6, >= 0.6.9)
      json (~> 1.7, >= 1.7.7)
      minitest (~> 5.1)
      thread_safe (~> 0.1)
      tzinfo (~> 1.1)
    ansi (1.4.3)
    appraisal (1.0.2)
      bundler
      rake
      thor (>= 0.14.0)
    awesome_print (1.2.0)
    builder (3.2.2)
    coffee-rails (4.1.0)
      coffee-script (>= 2.2.0)
      railties (>= 4.0.0, < 5.0)
    coffee-script (2.3.0)
      coffee-script-source
      execjs
    coffee-script-source (1.8.0)
    erubis (2.7.0)
    execjs (2.2.2)
    i18n (0.6.9)
    jquery-rails (3.1.2)
      railties (>= 3.0, < 5.0)
      thor (>= 0.14, < 2.0)
    json (1.8.1)
    metaclass (0.0.1)
    minitest (5.3.3)
    mocha (0.14.0)
      metaclass (~> 0.0.1)
    rack (1.5.2)
    rack-test (0.6.2)
      rack (>= 1.0)
    railties (4.1.0)
      actionpack (= 4.1.0)
      activesupport (= 4.1.0)
      rake (>= 0.8.7)
      thor (>= 0.18.1, < 2.0)
    rake (0.9.6)
    sqlite3 (1.3.10)
    thor (0.19.1)
    thread_safe (0.3.3)
    turbolinks (2.5.2)
      coffee-rails
    turn (0.9.6)
      ansi
    tzinfo (1.1.0)
      thread_safe (~> 0.1)

PLATFORMS
  ruby

DEPENDENCIES
  appraisal
  awesome_print
  bundler (~> 1.3)
  mocha
  rake (~> 0)
  sqlite3
  turboboost!
  turn
